PATH
  remote: .
  specs:
    user_info_server (0.1.0)
      sinatra

GEM
  remote: https://rubygems.org/
  specs:
    minitest (5.14.1)
    mustermann (2.0.2)
      ruby2_keywords (~> 0.0.1)
    rack (2.2.4)
    rack-protection (2.2.3)
      rack
    rake (12.3.3)
    rbs (0.8.0)
    ruby2_keywords (0.0.5)
    sinatra (2.2.3)
      mustermann (~> 2.0)
      rack (~> 2.2)
      rack-protection (= 2.2.3)
      tilt (~> 2.0)
    tilt (2.0.11)

PLATFORMS
  ruby

DEPENDENCIES
  minitest (~> 5.0)
  rake (~> 12.0)
  rbs (~> 0.8.0)
  user_info_server!

BUNDLED WITH
   2.1.4
